PATH
  remote: .
  specs:
    browsery (0.1.0)

GEM
  remote: https://rubygems.org/
  specs:
    rake (10.4.2)
    yard (0.8.7.6)

PLATFORMS
  ruby

DEPENDENCIES
  browsery!
  rake
  yard

BUNDLED WITH
   1.11.2
